PATH
  remote: .
  specs:
    fuzzy (0.0.1)
      fuzzy-string-match

GEM
  remote: http://rubygems.org/
  specs:
    RubyInline (3.11.0)
      ZenTest (~> 4.3)
    ZenTest (4.6.2)
    archive-tar-minitar (0.5.2)
    columnize (0.3.4)
    diff-lcs (1.1.3)
    fuzzy-string-match (0.9.1)
      RubyInline (>= 3.8.6)
    linecache19 (0.5.12)
      ruby_core_source (>= 0.1.4)
    rspec (2.7.0)
      rspec-core (~> 2.7.0)
      rspec-expectations (~> 2.7.0)
      rspec-mocks (~> 2.7.0)
    rspec-core (2.7.1)
    rspec-expectations (2.7.0)
      diff-lcs (~> 1.1.2)
    rspec-mocks (2.7.0)
    ruby-debug-base19 (0.11.25)
      columnize (>= 0.3.1)
      linecache19 (>= 0.5.11)
      ruby_core_source (>= 0.1.4)
    ruby-debug19 (0.11.6)
      columnize (>= 0.3.1)
      linecache19 (>= 0.5.11)
      ruby-debug-base19 (>= 0.11.19)
    ruby_core_source (0.1.5)
      archive-tar-minitar (>= 0.5.2)

PLATFORMS
  ruby

DEPENDENCIES
  fuzzy!
  rspec
  ruby-debug19
